GEM
  remote: https://rubygems.org/
  specs:
    coderay (1.1.0)
    luggage (1.2.3)
      mail (~> 2.5)
      uuidtools (~> 2.1.3)
    mail (2.6.3)
      mime-types (>= 1.16, < 3)
    method_source (0.8.2)
    mime-types (2.4.3)
    pry (0.10.1)
      coderay (~> 1.1.0)
      method_source (~> 0.8.1)
      slop (~> 3.4)
    slop (3.6.0)
    uuidtools (2.1.5)

PLATFORMS
  ruby

DEPENDENCIES
  luggage
  pry
